GIT
  remote: git://github.com/dcu/mongoid_ext.git
  revision: e1338a71841c1216850495180aa20edfb281d9da
  specs:
    mongoid_ext (0.7.0)
      differ (>= 0.1.2)
      encryptor (~> 1.1.3)
      i18n
      mongoid (~> 2.3)
      tzinfo
      uuidtools (>= 2.1.1)

GIT
  remote: git://github.com/dcu/tunnlr_connector.git
  revision: cfb983ddb9a28b655e27ffa8c779498df34ded3a
  branch: patch-1
  specs:
    tunnlr_connector (1.0.2)
      highline (>= 1.5.0)
      net-ssh (>= 2.0.15)

GIT
  remote: git://github.com/dcu/xapit.git
  revision: f8fbce7aa38fdcdbfd90f0c1abdb18fe0de800cb
  specs:
    xapit (0.3.0)
      rack (~> 1.3.4)

GIT
  remote: git://github.com/jdpace/PDFKit.git
  revision: f468adae4bc4e991614a0d0e0a29efeef3e817c9
  specs:
    pdfkit (0.5.2)

GIT
  remote: git://github.com/mongoid/mongoid.git
  revision: f866bd3a349379d554db6603e54a8948f8570954
  branch: 2.3.0-stable
  specs:
    mongoid (2.3.2)
      activemodel (~> 3.1)
      mongo (~> 1.4)
      tzinfo (~> 0.3.22)

GIT
  remote: git://github.com/ricodigo/bug_hunter.git
  revision: 3a7d633bdba1933c0933870745bb9d166f6b5e31
  specs:
    bug_hunter (0.2.0)
      haml
      launchy
      mongoid
      rack (>= 1.0.0)
      sass
      sinatra (~> 1.2.6)

GIT
  remote: git://github.com/ricodigo/rdiscount.git
  revision: 5ad5689886043e312e505585a291c85f9e50a761
  specs:
    rdiscount (1.6.8)

GIT
  remote: git://github.com/thedarkone/rails-dev-boost.git
  revision: dd82d6caf24e607f8a7f2359e46796c7f8683e50
  specs:
    rails-dev-boost (0.1.1)

GIT
  remote: http://github.com/dcu/multiauth.git
  revision: 18847dbe793cbf515b34cd52ab5fa5e765107351
  specs:
    multiauth (0.2.7)
      omniauth
      rails (>= 3.0.0)

GIT
  remote: https://git.gitorious.org/social_widgets/social_widgets.git
  revision: e6f1f40d7027c3bd2ec50714cdb285d409170f79
  specs:
    social_widgets (0.1.0)
      rails

GIT
  remote: https://github.com/Houdini/mongo_store.git
  revision: 46d8edc81c42110c4091d600722c8352a412a51f
  specs:
    mongo_store (0.3.1)
      activesupport (>= 2.2)
      mongo (>= 1.0)

GEM
  remote: http://rubygems.org/
  specs:
    POpen4 (0.1.4)
      Platform (>= 0.4.0)
      open4
    Platform (0.4.0)
    XMLCanonicalizer (1.0.1)
      log4r (>= 1.0.4)
    ZenTest (4.6.2)
    actionmailer (3.1.0)
      actionpack (= 3.1.0)
      mail (~> 2.3.0)
    actionpack (3.1.0)
      activemodel (= 3.1.0)
      activesupport (= 3.1.0)
      builder (~> 3.0.0)
      erubis (~> 2.7.0)
      i18n (~> 0.6)
      rack (~> 1.3.2)
      rack-cache (~> 1.0.3)
      rack-mount (~> 0.8.2)
      rack-test (~> 0.6.1)
      sprockets (~> 2.0.0)
    activemerchant (1.16.0)
      activesupport (>= 2.3.11)
      braintree (>= 2.0.0)
      builder (>= 2.0.0)
      json (>= 1.5.1)
    activemodel (3.1.0)
      activesupport (= 3.1.0)
      bcrypt-ruby (~> 3.0.0)
      builder (~> 3.0.0)
      i18n (~> 0.6)
    activerecord (3.1.0)
      activemodel (= 3.1.0)
      activesupport (= 3.1.0)
      arel (~> 2.2.1)
      tzinfo (~> 0.3.29)
    activeresource (3.1.0)
      activemodel (= 3.1.0)
      activesupport (= 3.1.0)
    activesupport (3.1.0)
      multi_json (~> 1.0)
    addressable (2.2.6)
    archive-tar-minitar (0.5.2)
    arel (2.2.1)
    autotest (4.4.6)
      ZenTest (>= 4.4.1)
    bcrypt-ruby (3.0.1)
    braintree (2.12.0)
      builder (>= 2.0.0)
    bson (1.4.0)
    bson_ext (1.4.0)
    builder (3.0.0)
    capistrano (2.9.0)
      highline
      net-scp (>= 1.0.0)
      net-sftp (>= 2.0.0)
      net-ssh (>= 2.0.14)
      net-ssh-gateway (>= 1.1.0)
    capistrano-ext (1.2.1)
      capistrano (>= 1.0.0)
    capybara (1.1.1)
      mime-types (>= 1.16)
      nokogiri (>= 1.3.3)
      rack (>= 1.0.0)
      rack-test (>= 0.5.4)
      selenium-webdriver (~> 2.0)
      xpath (~> 0.1.4)
    capybara-webkit (0.7.2)
      capybara (>= 1.0.0, < 1.2)
    childprocess (0.2.2)
      ffi (~> 1.0.6)
    chronic (0.6.4)
    chunky_png (1.2.5)
    coderay (1.0.1)
    columnize (0.3.4)
    compass (0.11.1)
      chunky_png (~> 1.1)
      fssm (>= 0.2.7)
      sass (~> 3.1)
    compass-colors (0.9.0)
      compass (>= 0.8.7)
    configuration (1.3.1)
    daemons (1.0.10)
    database_cleaner (0.6.7)
    devise (1.4.9)
      bcrypt-ruby (~> 3.0)
      orm_adapter (~> 0.0.3)
      warden (~> 1.0.3)
    diff-lcs (1.1.3)
    differ (0.1.2)
    dynamic_form (1.1.4)
    em-websocket (0.3.5)
      addressable (>= 2.1.1)
      eventmachine (>= 0.12.9)
    encryptor (1.1.3)
    erubis (2.7.0)
    eventmachine (0.12.10)
    fancy-buttons (1.1.1)
      compass (>= 0.11)
    faraday (0.7.5)
      addressable (~> 2.2.6)
      multipart-post (~> 1.1.3)
      rack (>= 1.1.0, < 2)
    faraday_middleware (0.7.0)
      faraday (~> 0.7.3)
    ffaker (1.8.1)
    ffi (1.0.10)
    fssm (0.2.7)
    gem_plugin (0.2.3)
    geoip (1.1.1)
    goalie (0.0.4)
      actionpack (>= 3.0.0)
      activesupport (>= 3.0.0)
    haml (3.1.3)
    hashie (1.1.0)
    highline (1.6.2)
    hike (1.2.1)
    hpricot (0.8.4)
    i18n (0.6.0)
    jammit (0.6.3)
      yui-compressor (>= 0.9.3)
    json (1.6.1)
    json_pure (1.6.1)
    kaminari (0.12.4)
      rails (>= 3.0.0)
    kgio (2.6.0)
    launchy (0.4.0)
      configuration (>= 0.0.5)
      rake (>= 0.8.1)
    linecache19 (0.5.12)
      ruby_core_source (>= 0.1.4)
    log4r (1.1.9)
    macaddr (1.4.0)
      systemu (~> 2.2.0)
    machinist (1.0.6)
    machinist_mongo (1.2.0)
      machinist (~> 1.0.6)
    magent (0.6.2)
      em-websocket
      em-websocket
      haml (~> 3.1.1)
      launchy (~> 0.4.0)
      mongo
      mongo (~> 1.0)
      sinatra (~> 1.2.6)
      uuidtools
      uuidtools
    magic (0.2.6)
      ffi (>= 0.6.3)
    mail (2.3.0)
      i18n (>= 0.4.0)
      mime-types (~> 1.16)
      treetop (~> 1.4.8)
    maruku (0.6.0)
      syntax (>= 1.0.0)
    mechanize (2.0.1)
      net-http-digest_auth (~> 1.1, >= 1.1.1)
      net-http-persistent (~> 1.8)
      nokogiri (~> 1.4)
      webrobots (~> 0.0, >= 0.0.9)
    method_source (0.6.5)
      ruby_parser (>= 2.0.5)
    mime-types (1.17.1)
    mini_magick (2.3)
      subexec (~> 0.0.4)
    mongo (1.4.0)
      bson (= 1.4.0)
    mongrel (1.2.0.pre2)
      daemons (~> 1.0.10)
      gem_plugin (~> 0.2.3)
    multi_json (1.0.3)
    multi_xml (0.4.1)
    multipart-post (1.1.3)
    net-http-digest_auth (1.1.1)
    net-http-persistent (1.9)
    net-ldap (0.2.2)
    net-scp (1.0.4)
      net-ssh (>= 1.99.1)
    net-sftp (2.0.5)
      net-ssh (>= 2.0.9)
    net-ssh (2.2.1)
    net-ssh-gateway (1.1.0)
      net-ssh (>= 1.99.1)
    niftier-generators (0.1.2)
    nokogiri (1.5.0)
    oa-basic (0.3.2)
      oa-core (= 0.3.2)
      rest-client (~> 1.6.0)
    oa-core (0.3.2)
    oa-enterprise (0.3.2)
      XMLCanonicalizer (~> 1.0.1)
      addressable (~> 2.2.6)
      net-ldap (~> 0.2.2)
      nokogiri (~> 1.5.0)
      oa-core (= 0.3.2)
      pyu-ruby-sasl (~> 0.0.3.1)
      rubyntlm (~> 0.1.1)
      uuid
    oa-more (0.3.2)
      multi_json (~> 1.0.0)
      oa-core (= 0.3.2)
      rest-client (~> 1.6.0)
    oa-oauth (0.3.2)
      faraday (~> 0.7.3)
      multi_json (~> 1.0.0)
      multi_xml (~> 0.4.0)
      oa-core (= 0.3.2)
      oauth (~> 0.4.0)
      oauth2 (~> 0.5.0)
    oa-openid (0.3.2)
      oa-core (= 0.3.2)
      rack-openid (~> 1.3.1)
      ruby-openid-apps-discovery (~> 1.2.0)
    oauth (0.4.5)
    oauth2 (0.5.1)
      faraday (~> 0.7.4)
      multi_json (~> 1.0.3)
    omniauth (0.3.2)
      oa-basic (= 0.3.2)
      oa-core (= 0.3.2)
      oa-enterprise (= 0.3.2)
      oa-more (= 0.3.2)
      oa-oauth (= 0.3.2)
      oa-openid (= 0.3.2)
    open4 (1.2.0)
    orm_adapter (0.0.5)
    polyglot (0.3.2)
    pry (0.9.6)
      coderay (>= 0.9.8)
      method_source (>= 0.6.5)
      ruby_parser (>= 2.0.5)
      slop (~> 2.1.0)
    pyu-ruby-sasl (0.0.3.3)
    rack (1.3.5)
    rack-cache (1.0.3)
      rack (>= 0.4)
    rack-mount (0.8.3)
      rack (>= 1.0.0)
    rack-openid (1.3.1)
      rack (>= 1.1.0)
      ruby-openid (>= 2.1.8)
    rack-recaptcha (0.2.2)
      json
    rack-ssl (1.3.2)
      rack
    rack-test (0.6.1)
      rack (>= 1.0)
    rails (3.1.0)
      actionmailer (= 3.1.0)
      actionpack (= 3.1.0)
      activerecord (= 3.1.0)
      activeresource (= 3.1.0)
      activesupport (= 3.1.0)
      bundler (~> 1.0)
      railties (= 3.1.0)
    railties (3.1.0)
      actionpack (= 3.1.0)
      activesupport (= 3.1.0)
      rack-ssl (~> 1.3.2)
      rake (>= 0.8.7)
      rdoc (~> 3.4)
      thor (~> 0.14.6)
    raindrops (0.8.0)
    rake (0.9.2.2)
    rdoc (3.11)
      json (~> 1.4)
    redis (2.2.2)
    redis-store (1.0.0.1)
      redis (~> 2.2.1)
    remarkable (4.0.0.alpha4)
      rspec (>= 2.0.0.alpha11)
    remarkable_activemodel (4.0.0.alpha4)
      remarkable (~> 4.0.0.alpha4)
      rspec (>= 2.0.0.alpha11)
    remarkable_mongoid (0.6.0)
      remarkable_activemodel (~> 4.0.0.alpha4)
    rest-client (1.6.7)
      mime-types (>= 1.16)
    ricodigo-capistrano-recipes (0.1.8)
      capistrano (>= 2.5.9)
      capistrano-ext (>= 1.2.1)
      magent
      mongoid
      net-ssh
      unicorn
    rinku (1.2.2)
    rspec (2.7.0)
      rspec-core (~> 2.7.0)
      rspec-expectations (~> 2.7.0)
      rspec-mocks (~> 2.7.0)
    rspec-core (2.7.1)
    rspec-expectations (2.7.0)
      diff-lcs (~> 1.1.2)
    rspec-mocks (2.7.0)
    rspec-rails (2.7.0)
      actionpack (~> 3.0)
      activesupport (~> 3.0)
      railties (~> 3.0)
      rspec (~> 2.7.0)
    ruby-debug-base19 (0.11.25)
      columnize (>= 0.3.1)
      linecache19 (>= 0.5.11)
      ruby_core_source (>= 0.1.4)
    ruby-debug19 (0.11.6)
      columnize (>= 0.3.1)
      linecache19 (>= 0.5.11)
      ruby-debug-base19 (>= 0.11.19)
    ruby-openid (2.1.8)
    ruby-openid-apps-discovery (1.2.0)
      ruby-openid (>= 2.1.7)
    ruby-prof (0.10.8)
    ruby-stemmer (0.8.5)
    ruby_core_source (0.1.5)
      archive-tar-minitar (>= 0.5.2)
    ruby_parser (2.3.1)
      sexp_processor (~> 3.0)
    rubyntlm (0.1.1)
    rubyzip (0.9.4)
    sanitize (2.0.3)
      nokogiri (>= 1.4.4, < 1.6)
    sass (3.1.10)
    selenium-webdriver (2.8.0)
      childprocess (>= 0.2.1)
      ffi (>= 1.0.7)
      json_pure
      rubyzip
    sexp_processor (3.0.7)
    simple_oauth (0.1.5)
    simplecov (0.5.4)
      multi_json (~> 1.0.3)
      simplecov-html (~> 0.5.3)
    simplecov-html (0.5.3)
    sinatra (1.2.7)
      rack (~> 1.1)
      tilt (>= 1.2.2, < 2.0)
    slop (2.1.0)
    sprockets (2.0.3)
      hike (~> 1.2)
      rack (~> 1.0)
      tilt (~> 1.1, != 1.3.0)
    state_machine (0.10.4)
    subexec (0.0.4)
    syntax (1.0.0)
    systemu (2.2.0)
    thor (0.14.6)
    tilt (1.3.3)
    treetop (1.4.10)
      polyglot
      polyglot (>= 0.3.1)
    twitter (1.7.2)
      faraday (~> 0.7.4)
      faraday_middleware (~> 0.7.0)
      hashie (~> 1.1.0)
      multi_json (~> 1.0.0)
      multi_xml (~> 0.4.0)
      simple_oauth (~> 0.1.5)
    twitter-text (1.1.8)
      actionpack
    twitter_oauth (0.4.3)
      json (>= 1.1.9)
      mime-types (>= 1.16)
      oauth (>= 0.4.1)
    tzinfo (0.3.30)
    unicorn (4.1.1)
      kgio (~> 2.4)
      rack
      raindrops (~> 0.6)
    uuid (2.3.4)
      macaddr (~> 1.0)
    uuidtools (2.1.2)
    warden (1.0.6)
      rack (>= 1.0)
    webrobots (0.0.12)
      nokogiri (>= 1.4.4)
    whatlanguage (1.0.0)
    whenever (0.7.0)
      activesupport (>= 2.3.4)
      chronic (~> 0.6.3)
    xapian-ruby (1.2.7.1)
    xpath (0.1.4)
      nokogiri (~> 1.3)
    yui-compressor (0.9.6)
      POpen4 (>= 0.1.4)

PLATFORMS
  ruby

DEPENDENCIES
  activemerchant (= 1.16.0)
  autotest
  bson (= 1.4.0)
  bson_ext (= 1.4.0)
  bug_hunter!
  capistrano
  capybara
  capybara-webkit
  compass (= 0.11.1)
  compass-colors (= 0.9.0)
  database_cleaner
  devise (~> 1.4.0)
  dynamic_form
  em-websocket (~> 0.3.0)
  eventmachine (~> 0.12.10)
  fancy-buttons (= 1.1.1)
  ffaker
  geoip
  goalie (~> 0.0.4)
  haml
  hpricot
  jammit
  kaminari
  launchy
  machinist_mongo
  magent (= 0.6.2)
  magic
  maruku
  mechanize
  mini_magick (~> 2.3)
  mongo (= 1.4.0)
  mongo_store!
  mongoid!
  mongoid_ext!
  mongrel (= 1.2.0.pre2)
  multiauth!
  niftier-generators (= 0.1.2)
  nokogiri
  oa-oauth (~> 0.3.0)
  oa-openid (~> 0.3.0)
  omniauth (~> 0.3.0)
  orm_adapter
  pdfkit!
  pry
  rack-recaptcha (= 0.2.2)
  rack-ssl
  rails (= 3.1.0)
  rails-dev-boost!
  rdiscount!
  redis-store
  remarkable_mongoid (>= 0.5.0)
  ricodigo-capistrano-recipes (~> 0.1.3)
  rinku (~> 1.2.2)
  rspec (>= 2.0.1)
  rspec-rails (>= 2.0.1)
  ruby-debug19 (= 0.11.6)
  ruby-prof
  ruby-stemmer (~> 0.8.2)
  ruby_parser
  sanitize (= 2.0.3)
  sass
  simplecov
  social_widgets!
  state_machine (= 0.10.4)
  tunnlr_connector!
  twitter (= 1.7.2)
  twitter-text (= 1.1.8)
  twitter_oauth
  unicorn (= 4.1.1)
  uuidtools (~> 2.1.1)
  whatlanguage (= 1.0.0)
  whenever
  xapian-ruby (= 1.2.7.1)
  xapit!
