GIT
  remote: git://github.com/dcu/mongoid_ext.git
  revision: 143922d53b2189a77d63c3d9fa1510d52f166960
  specs:
    mongoid_ext (0.6.0)
      i18n (~> 0.4.1)
      i18n (~> 0.4.1)
      mongoid (~> 2.0.0.beta.20)
      mongoid (~> 2.0.0.beta.20)
      mongoid_ext
      tzinfo (~> 0.3)
      tzinfo (~> 0.3)
      uuidtools (>= 2.1.1)
      uuidtools (>= 2.1.1)

GIT
  remote: git://github.com/mislav/will_paginate.git
  revision: b1a5beeec9f56ecbe3594fcdca76d92b6767ce50
  branch: rails3
  specs:
    will_paginate (3.0.pre3)

GIT
  remote: http://github.com/dcu/multiauth.git
  revision: 94f512aaeb8cf9b9dc1d592e5a38e0b8349ea0b7
  specs:
    multiauth (0.2.7)
      omniauth
      rails (>= 3.0.0)

GIT
  remote: http://github.com/plataformatec/devise.git
  revision: 971f68f97d472d4b3b9244594b85759ddf76d1ca
  specs:
    devise (1.2.rc)
      bcrypt-ruby (~> 2.1.2)
      orm_adapter (~> 0.0.3)
      warden (~> 1.0.3)

GEM
  remote: http://rubygems.org/
  specs:
    ZenTest (4.4.2)
    abstract (1.0.0)
    actionmailer (3.0.3)
      actionpack (= 3.0.3)
      mail (~> 2.2.9)
    actionpack (3.0.3)
      activemodel (= 3.0.3)
      activesupport (= 3.0.3)
      builder (~> 2.1.2)
      erubis (~> 2.6.6)
      i18n (~> 0.4)
      rack (~> 1.2.1)
      rack-mount (~> 0.6.13)
      rack-test (~> 0.5.6)
      tzinfo (~> 0.3.23)
    activemodel (3.0.3)
      activesupport (= 3.0.3)
      builder (~> 2.1.2)
      i18n (~> 0.4)
    activerecord (3.0.3)
      activemodel (= 3.0.3)
      activesupport (= 3.0.3)
      arel (~> 2.0.2)
      tzinfo (~> 0.3.23)
    activeresource (3.0.3)
      activemodel (= 3.0.3)
      activesupport (= 3.0.3)
    activesupport (3.0.3)
    addressable (2.2.2)
    arel (2.0.7)
    autotest (4.4.6)
      ZenTest (>= 4.4.1)
    bcrypt-ruby (2.1.4)
    bson (1.1.2)
    bson_ext (1.1.2)
    builder (2.1.2)
    compass (0.10.6.pre.1)
      haml (>= 3.0.4)
    compass-colors (0.3.1)
      compass (>= 0.8.7)
    cronedit (0.3.0)
    daemons (1.0.10)
    database_cleaner (0.6.0)
    diff-lcs (1.1.2)
    differ (0.1.1)
    dynamic_form (1.1.3)
    em-websocket (0.1.4)
      addressable (>= 2.1.1)
      eventmachine (>= 0.12.9)
    erubis (2.6.6)
      abstract (>= 1.0.0)
    eventmachine (0.12.10)
    fabrication (0.9.4)
    fancy-buttons (0.5.5)
      compass (>= 0.10.0)
      haml (>= 3.0.2)
    faraday (0.5.4)
      addressable (~> 2.2.2)
      multipart-post (~> 1.1.0)
      rack (>= 1.1.0, < 2)
    ffi (1.0.5)
      rake (>= 0.8.7)
    gem_plugin (0.2.3)
    goalie (0.0.4)
      actionpack (>= 3.0.0)
      activesupport (>= 3.0.0)
    haml (3.0.25)
    hpricot (0.8.3)
    i18n (0.4.2)
    json (1.4.6)
    magent (0.5.2)
      em-websocket
      mongo
      uuidtools
    magic (0.2.6)
      ffi (>= 0.6.3)
    mail (2.2.14)
      activesupport (>= 2.3.6)
      i18n (>= 0.4.0)
      mime-types (~> 1.16)
      treetop (~> 1.4.8)
    mechanize (1.0.0)
      nokogiri (>= 1.2.1)
    mime-types (1.16)
    mongo (1.1.2)
      bson (>= 1.1.1)
    mongoid (2.0.0.beta.20)
      activemodel (~> 3.0)
      mongo (~> 1.1)
      tzinfo (~> 0.3.22)
      will_paginate (~> 3.0.pre)
    mongrel (1.2.0.pre2)
      daemons (~> 1.0.10)
      gem_plugin (~> 0.2.3)
    multi_json (0.0.5)
    multipart-post (1.1.0)
    net-ldap (0.1.1)
    niftier-generators (0.1.2)
    nokogiri (1.4.4)
    oa-basic (0.1.6)
      multi_json (~> 0.0.2)
      nokogiri (~> 1.4.2)
      oa-core (= 0.1.6)
      rest-client (~> 1.6.0)
    oa-core (0.1.6)
      rack (~> 1.1)
    oa-enterprise (0.1.6)
      net-ldap (~> 0.1.1)
      nokogiri (~> 1.4.2)
      oa-core (= 0.1.6)
      pyu-ruby-sasl (~> 0.0.3.1)
      rubyntlm (~> 0.1.1)
    oa-oauth (0.1.6)
      multi_json (~> 0.0.2)
      nokogiri (~> 1.4.2)
      oa-core (= 0.1.6)
      oauth (~> 0.4.0)
      oauth2 (~> 0.1.0)
    oa-openid (0.1.6)
      oa-core (= 0.1.6)
      rack-openid (~> 1.2.0)
      ruby-openid-apps-discovery
    oauth (0.4.4)
    oauth2 (0.1.1)
      faraday (~> 0.5.0)
      multi_json (~> 0.0.4)
    omniauth (0.1.6)
      oa-basic (= 0.1.6)
      oa-core (= 0.1.6)
      oa-enterprise (= 0.1.6)
      oa-oauth (= 0.1.6)
      oa-openid (= 0.1.6)
    orm_adapter (0.0.4)
    polyglot (0.3.1)
    pyu-ruby-sasl (0.0.3.2)
    rack (1.2.1)
    rack-mount (0.6.13)
      rack (>= 1.0.0)
    rack-openid (1.2.0)
      rack (>= 1.1.0)
      ruby-openid (>= 2.1.8)
    rack-recaptcha (0.2.2)
      json
    rack-test (0.5.7)
      rack (>= 1.0)
    rails (3.0.3)
      actionmailer (= 3.0.3)
      actionpack (= 3.0.3)
      activerecord (= 3.0.3)
      activeresource (= 3.0.3)
      activesupport (= 3.0.3)
      bundler (~> 1.0)
      railties (= 3.0.3)
    railties (3.0.3)
      actionpack (= 3.0.3)
      activesupport (= 3.0.3)
      rake (>= 0.8.7)
      thor (~> 0.14.4)
    rake (0.8.7)
    rdiscount (1.6.5)
    remarkable (4.0.0.alpha4)
      rspec (>= 2.0.0.alpha11)
    remarkable_activemodel (4.0.0.alpha4)
      remarkable (~> 4.0.0.alpha4)
      rspec (>= 2.0.0.alpha11)
    remarkable_mongoid (0.5.0)
      remarkable_activemodel (>= 4.0.0.alpha2)
    rest-client (1.6.1)
      mime-types (>= 1.16)
    rspec (2.4.0)
      rspec-core (~> 2.4.0)
      rspec-expectations (~> 2.4.0)
      rspec-mocks (~> 2.4.0)
    rspec-core (2.4.0)
    rspec-expectations (2.4.0)
      diff-lcs (~> 1.1.2)
    rspec-mocks (2.4.0)
    rspec-rails (2.4.1)
      actionpack (~> 3.0)
      activesupport (~> 3.0)
      railties (~> 3.0)
      rspec (~> 2.4.0)
    ruby-openid (2.1.8)
    ruby-openid-apps-discovery (1.2.0)
      ruby-openid (>= 2.1.7)
    ruby-stemmer (0.8.2)
    ruby_parser (2.0.5)
      sexp_processor (~> 3.0)
    rubyntlm (0.1.1)
    sanitize (1.2.1)
      nokogiri (~> 1.4.1)
    sexp_processor (3.0.5)
    thor (0.14.6)
    treetop (1.4.9)
      polyglot (>= 0.3.1)
    twitter-text (1.1.8)
      actionpack
    twitter_oauth (0.4.3)
      json (>= 1.1.9)
      mime-types (>= 1.16)
      oauth (>= 0.4.1)
    tzinfo (0.3.24)
    uuidtools (2.1.1)
    warden (1.0.3)
      rack (>= 1.0.0)
    whatlanguage (1.0.0)

PLATFORMS
  ruby

DEPENDENCIES
  autotest
  bson (= 1.1.2)
  bson_ext (= 1.1.2)
  compass (= 0.10.6.pre.1)
  compass-colors (= 0.3.1)
  cronedit
  database_cleaner
  devise!
  differ (= 0.1.1)
  dynamic_form
  em-websocket (~> 0.1.4)
  eventmachine (~> 0.12.10)
  fabrication
  fancy-buttons (= 0.5.5)
  goalie (~> 0.0.4)
  haml
  hpricot
  magent (= 0.5.2)
  magic
  mechanize
  mongo (= 1.1.2)
  mongoid (= 2.0.0.beta.20)
  mongoid_ext!
  mongrel (= 1.2.0.pre2)
  multiauth!
  niftier-generators (= 0.1.2)
  nokogiri
  omniauth (~> 0.1.6)
  orm_adapter
  rack-recaptcha (= 0.2.2)
  rails (= 3.0.3)
  rdiscount (= 1.6.5)
  remarkable_mongoid (>= 0.5.0)
  rspec (>= 2.0.1)
  rspec-rails (>= 2.0.1)
  ruby-stemmer (~> 0.8.2)
  ruby_parser
  sanitize (= 1.2.1)
  twitter-text (= 1.1.8)
  twitter_oauth
  uuidtools (= 2.1.1)
  whatlanguage (= 1.0.0)
  will_paginate!
