GIT
  remote: git://github.com/dcu/mongoid_ext.git
  revision: bda85a5f1bf91e233bd4ff4020268b382b6c9ec1
  specs:
    mongoid_ext (0.6.2)
      differ (>= 0.1.2)
      encryptor (~> 1.1.3)
      i18n
      mongoid (~> 2)
      tzinfo
      uuidtools (>= 2.1.1)

GIT
  remote: git://github.com/dcu/tunnlr_connector.git
  revision: cfb983ddb9a28b655e27ffa8c779498df34ded3a
  branch: patch-1
  specs:
    tunnlr_connector (1.0.2)
      highline (>= 1.5.0)
      net-ssh (>= 2.0.15)

GIT
  remote: git://github.com/jdpace/PDFKit.git
  revision: f468adae4bc4e991614a0d0e0a29efeef3e817c9
  specs:
    pdfkit (0.5.2)

GIT
  remote: git://github.com/mongoid/mongoid.git
  revision: eb41dd0ecc8c3d3acc805c1a7861d1bb8b5b54c3
  ref: eb41dd0e
  specs:
    mongoid (2.0.2)
      activemodel (~> 3.0)
      mongo (~> 1.3)
      tzinfo (~> 0.3.22)

GIT
  remote: git://github.com/ricodigo/bug_hunter.git
  revision: f6ef608733bb79e2b06f6cf3692ed34719b1f88f
  specs:
    bug_hunter (0.1.1)
      haml
      launchy
      mongoid
      rack (>= 1.0.0)
      sass
      sinatra (~> 1.2.6)

GIT
  remote: git://github.com/thedarkone/rails-dev-boost.git
  revision: 216de40f33fe794e19c492c283d69d4911cab741
  specs:
    rails-dev-boost (0.1.1)

GIT
  remote: http://github.com/dcu/multiauth.git
  revision: 04b0a271de5ef9d4d65764b828f6cccc95232d00
  specs:
    multiauth (0.2.7)
      omniauth
      rails (>= 3.0.0)

GIT
  remote: https://git.gitorious.org/social_widgets/social_widgets.git
  revision: e6f1f40d7027c3bd2ec50714cdb285d409170f79
  specs:
    social_widgets (0.1.0)
      rails

GEM
  remote: http://rubygems.org/
  specs:
    POpen4 (0.1.4)
      Platform (>= 0.4.0)
      open4
    Platform (0.4.0)
    ZenTest (4.6.2)
    abstract (1.0.0)
    actionmailer (3.0.10)
      actionpack (= 3.0.10)
      mail (~> 2.2.19)
    actionpack (3.0.10)
      activemodel (= 3.0.10)
      activesupport (= 3.0.10)
      builder (~> 2.1.2)
      erubis (~> 2.6.6)
      i18n (~> 0.5.0)
      rack (~> 1.2.1)
      rack-mount (~> 0.6.14)
      rack-test (~> 0.5.7)
      tzinfo (~> 0.3.23)
    activemerchant (1.16.0)
      activesupport (>= 2.3.11)
      braintree (>= 2.0.0)
      builder (>= 2.0.0)
      json (>= 1.5.1)
    activemodel (3.0.10)
      activesupport (= 3.0.10)
      builder (~> 2.1.2)
      i18n (~> 0.5.0)
    activerecord (3.0.10)
      activemodel (= 3.0.10)
      activesupport (= 3.0.10)
      arel (~> 2.0.10)
      tzinfo (~> 0.3.23)
    activeresource (3.0.10)
      activemodel (= 3.0.10)
      activesupport (= 3.0.10)
    activesupport (3.0.10)
    addressable (2.2.4)
    archive-tar-minitar (0.5.2)
    arel (2.0.10)
    autotest (4.4.6)
      ZenTest (>= 4.4.1)
    bcrypt-ruby (3.0.1)
    braintree (2.11.0)
      builder (>= 2.0.0)
    bson (1.3.0)
    bson_ext (1.3.0)
    builder (2.1.2)
    capistrano (2.8.0)
      highline
      net-scp (>= 1.0.0)
      net-sftp (>= 2.0.0)
      net-ssh (>= 2.0.14)
      net-ssh-gateway (>= 1.1.0)
    capistrano-ext (1.2.1)
      capistrano (>= 1.0.0)
    chronic (0.6.4)
    chunky_png (1.2.4)
    columnize (0.3.4)
    compass (0.11.1)
      chunky_png (~> 1.1)
      fssm (>= 0.2.7)
      sass (~> 3.1)
    compass-colors (0.9.0)
      compass (>= 0.8.7)
    configuration (1.3.1)
    daemons (1.0.10)
    database_cleaner (0.6.7)
    devise (1.4.5)
      bcrypt-ruby (~> 3.0)
      orm_adapter (~> 0.0.3)
      warden (~> 1.0.3)
    diff-lcs (1.1.3)
    differ (0.1.2)
    dynamic_form (1.1.4)
    em-websocket (0.3.1)
      addressable (>= 2.1.1)
      eventmachine (>= 0.12.9)
    encryptor (1.1.3)
    erubis (2.6.6)
      abstract (>= 1.0.0)
    eventmachine (0.12.10)
    fancy-buttons (1.1.1)
      compass (>= 0.11)
    faraday (0.6.1)
      addressable (~> 2.2.4)
      multipart-post (~> 1.1.0)
      rack (< 2, >= 1.1.0)
    faraday_middleware (0.6.5)
      faraday (~> 0.6.0)
    ffaker (1.8.1)
    ffi (1.0.9)
    fssm (0.2.7)
    gem_plugin (0.2.3)
    geoip (1.1.1)
    goalie (0.0.4)
      actionpack (>= 3.0.0)
      activesupport (>= 3.0.0)
    haml (3.1.3)
    hashie (1.0.0)
    highline (1.6.2)
    hpricot (0.8.4)
    i18n (0.5.0)
    jammit (0.6.3)
      yui-compressor (>= 0.9.3)
    json (1.6.1)
    kaminari (0.12.4)
      rails (>= 3.0.0)
    kgio (2.6.0)
    launchy (0.4.0)
      configuration (>= 0.0.5)
      rake (>= 0.8.1)
    linecache19 (0.5.12)
      ruby_core_source (>= 0.1.4)
    machinist (1.0.6)
    machinist_mongo (1.2.0)
      machinist (~> 1.0.6)
    magent (0.6.2)
      em-websocket
      em-websocket
      haml (~> 3.1.1)
      launchy (~> 0.4.0)
      mongo
      mongo (~> 1.0)
      sinatra (~> 1.2.6)
      uuidtools
      uuidtools
    magic (0.2.6)
      ffi (>= 0.6.3)
    mail (2.2.19)
      activesupport (>= 2.3.6)
      i18n (>= 0.4.0)
      mime-types (~> 1.16)
      treetop (~> 1.4.8)
    mechanize (2.0.1)
      net-http-digest_auth (>= 1.1.1, ~> 1.1)
      net-http-persistent (~> 1.8)
      nokogiri (~> 1.4)
      webrobots (>= 0.0.9, ~> 0.0)
    mime-types (1.16)
    mini_magick (2.3)
      subexec (~> 0.0.4)
    mongo (1.3.0)
      bson (>= 1.3.0)
    mongrel (1.2.0.pre2)
      daemons (~> 1.0.10)
      gem_plugin (~> 0.2.3)
    multi_json (1.0.3)
    multi_xml (0.2.2)
    multipart-post (1.1.3)
    net-http-digest_auth (1.1.1)
    net-http-persistent (1.9)
    net-ldap (0.2.2)
    net-scp (1.0.4)
      net-ssh (>= 1.99.1)
    net-sftp (2.0.5)
      net-ssh (>= 2.0.9)
    net-ssh (2.2.1)
    net-ssh-gateway (1.1.0)
      net-ssh (>= 1.99.1)
    niftier-generators (0.1.2)
    nokogiri (1.4.7)
    oa-basic (0.2.6)
      oa-core (= 0.2.6)
      rest-client (~> 1.6.0)
    oa-core (0.2.6)
    oa-enterprise (0.2.6)
      addressable (= 2.2.4)
      net-ldap (~> 0.2.2)
      nokogiri (~> 1.4.2)
      oa-core (= 0.2.6)
      pyu-ruby-sasl (~> 0.0.3.1)
      rubyntlm (~> 0.1.1)
    oa-more (0.2.6)
      multi_json (~> 1.0.0)
      oa-core (= 0.2.6)
      rest-client (~> 1.6.0)
    oa-oauth (0.2.6)
      faraday (~> 0.6.1)
      multi_json (~> 1.0.0)
      multi_xml (~> 0.2.2)
      oa-core (= 0.2.6)
      oauth (~> 0.4.0)
      oauth2 (~> 0.4.1)
    oa-openid (0.2.6)
      oa-core (= 0.2.6)
      rack-openid (~> 1.3.1)
      ruby-openid-apps-discovery (~> 1.2.0)
    oauth (0.4.5)
    oauth2 (0.4.1)
      faraday (~> 0.6.1)
      multi_json (>= 0.0.5)
    omniauth (0.2.6)
      oa-basic (= 0.2.6)
      oa-core (= 0.2.6)
      oa-enterprise (= 0.2.6)
      oa-more (= 0.2.6)
      oa-oauth (= 0.2.6)
      oa-openid (= 0.2.6)
    open4 (1.1.0)
    orm_adapter (0.0.5)
    polyglot (0.3.2)
    pyu-ruby-sasl (0.0.3.3)
    rack (1.2.4)
    rack-mount (0.6.14)
      rack (>= 1.0.0)
    rack-openid (1.3.1)
      rack (>= 1.1.0)
      ruby-openid (>= 2.1.8)
    rack-recaptcha (0.2.2)
      json
    rack-ssl (1.3.2)
      rack
    rack-test (0.5.7)
      rack (>= 1.0)
    rails (3.0.10)
      actionmailer (= 3.0.10)
      actionpack (= 3.0.10)
      activerecord (= 3.0.10)
      activeresource (= 3.0.10)
      activesupport (= 3.0.10)
      bundler (~> 1.0)
      railties (= 3.0.10)
    railties (3.0.10)
      actionpack (= 3.0.10)
      activesupport (= 3.0.10)
      rake (>= 0.8.7)
      rdoc (~> 3.4)
      thor (~> 0.14.4)
    raindrops (0.7.0)
    rake (0.9.2)
    rash (0.3.0)
      hashie (~> 1.0.0)
    rdiscount (1.6.5)
    rdoc (3.9.4)
    redis (2.2.2)
    redis-store (1.0.0.1)
      redis (~> 2.2.1)
    remarkable (4.0.0.alpha4)
      rspec (>= 2.0.0.alpha11)
    remarkable_activemodel (4.0.0.alpha4)
      remarkable (~> 4.0.0.alpha4)
      rspec (>= 2.0.0.alpha11)
    remarkable_mongoid (0.6.0)
      remarkable_activemodel (~> 4.0.0.alpha4)
    rest-client (1.6.7)
      mime-types (>= 1.16)
    ricodigo-capistrano-recipes (0.1.8)
      capistrano (>= 2.5.9)
      capistrano-ext (>= 1.2.1)
      magent
      mongoid
      net-ssh
      unicorn
    rspec (2.6.0)
      rspec-core (~> 2.6.0)
      rspec-expectations (~> 2.6.0)
      rspec-mocks (~> 2.6.0)
    rspec-core (2.6.4)
    rspec-expectations (2.6.0)
      diff-lcs (~> 1.1.2)
    rspec-mocks (2.6.0)
    rspec-rails (2.6.1)
      actionpack (~> 3.0)
      activesupport (~> 3.0)
      railties (~> 3.0)
      rspec (~> 2.6.0)
    ruby-debug-base19 (0.11.25)
      columnize (>= 0.3.1)
      linecache19 (>= 0.5.11)
      ruby_core_source (>= 0.1.4)
    ruby-debug19 (0.11.6)
      columnize (>= 0.3.1)
      linecache19 (>= 0.5.11)
      ruby-debug-base19 (>= 0.11.19)
    ruby-openid (2.1.8)
    ruby-openid-apps-discovery (1.2.0)
      ruby-openid (>= 2.1.7)
    ruby-prof (0.10.8)
    ruby-stemmer (0.8.5)
    ruby_core_source (0.1.5)
      archive-tar-minitar (>= 0.5.2)
    ruby_parser (2.3.0)
      sexp_processor (~> 3.0)
    rubyntlm (0.1.1)
    sanitize (1.2.1)
      nokogiri (~> 1.4.1)
    sass (3.1.7)
    sexp_processor (3.0.6)
    simple_oauth (0.1.5)
    simplecov (0.5.3)
      multi_json (~> 1.0.3)
      simplecov-html (~> 0.5.3)
    simplecov-html (0.5.3)
    sinatra (1.2.6)
      rack (~> 1.1)
      tilt (< 2.0, >= 1.2.2)
    state_machine (0.10.4)
    subexec (0.0.4)
    thor (0.14.6)
    tilt (1.3.3)
    treetop (1.4.10)
      polyglot
      polyglot (>= 0.3.1)
    twitter (1.5.0)
      faraday (~> 0.6.1)
      faraday_middleware (~> 0.6.3)
      hashie (~> 1.0.0)
      multi_json (~> 1.0.0)
      multi_xml (~> 0.2.0)
      rash (~> 0.3.0)
      simple_oauth (~> 0.1.5)
    twitter-text (1.1.8)
      actionpack
    twitter_oauth (0.4.3)
      json (>= 1.1.9)
      mime-types (>= 1.16)
      oauth (>= 0.4.1)
    tzinfo (0.3.29)
    unicorn (4.1.1)
      kgio (~> 2.4)
      rack
      raindrops (~> 0.6)
    uuidtools (2.1.2)
    warden (1.0.5)
      rack (>= 1.0)
    webrobots (0.0.11)
      nokogiri (>= 1.4.4)
    whatlanguage (1.0.0)
    whenever (0.7.0)
      activesupport (>= 2.3.4)
      chronic (~> 0.6.3)
    yui-compressor (0.9.6)
      POpen4 (>= 0.1.4)

PLATFORMS
  ruby

DEPENDENCIES
  activemerchant (= 1.16.0)
  autotest
  bson (= 1.3.0)
  bson_ext (= 1.3.0)
  bug_hunter!
  capistrano
  compass (= 0.11.1)
  compass-colors (= 0.9.0)
  database_cleaner
  devise (~> 1.4.0)
  dynamic_form
  em-websocket (~> 0.3.0)
  eventmachine (~> 0.12.10)
  fancy-buttons (= 1.1.1)
  ffaker
  geoip
  goalie (~> 0.0.4)
  haml
  hpricot
  jammit
  kaminari
  machinist_mongo
  magent (= 0.6.2)
  magic
  mechanize
  mini_magick (~> 2.3)
  mongo (= 1.3.0)
  mongoid!
  mongoid_ext!
  mongrel (= 1.2.0.pre2)
  multiauth!
  niftier-generators (= 0.1.2)
  nokogiri
  oa-oauth (~> 0.2.6)
  oa-openid (~> 0.2.6)
  omniauth (~> 0.2.6)
  orm_adapter
  pdfkit!
  rack-recaptcha (= 0.2.2)
  rack-ssl
  rails (= 3.0.10)
  rails-dev-boost!
  rdiscount (= 1.6.5)
  redis-store
  remarkable_mongoid (>= 0.5.0)
  ricodigo-capistrano-recipes (~> 0.1.3)
  rspec (>= 2.0.1)
  rspec-rails (>= 2.0.1)
  ruby-debug19 (= 0.11.6)
  ruby-prof
  ruby-stemmer (~> 0.8.2)
  ruby_parser
  sanitize (= 1.2.1)
  sass
  simplecov
  social_widgets!
  state_machine (= 0.10.4)
  tunnlr_connector!
  twitter (= 1.5.0)
  twitter-text (= 1.1.8)
  twitter_oauth
  unicorn (= 4.1.1)
  uuidtools (~> 2.1.1)
  whatlanguage (= 1.0.0)
  whenever
